GEM
  remote: https://rubygems.org/
  specs:
    rack (2.2.19)
    webrick (1.8.2)

PLATFORMS
  ruby
  x86_64-linux

DEPENDENCIES
  rack (= 2.2.19)
  webrick (= 1.8.2)
